GEM
  remote: https://rubygems.org/
  specs:
    addressable (2.5.2)
      public_suffix (>= 2.0.2, < 4.0)
    asciidoctor (1.5.7.1)
    colorator (1.1.0)
    concurrent-ruby (1.0.5)
    em-websocket (0.5.1)
      eventmachine (>= 0.12.9)
      http_parser.rb (~> 0.6.0)
    ethon (0.11.0)
      ffi (>= 1.3.0)
    eventmachine (1.2.7)
    fastimage (2.1.5)
    ffi (1.16.3)
    forwardable-extended (2.6.0)
    git (1.5.0)
    html-proofer (4.4.3)
      addressable (~> 2.3)
      mercenary (~> 0.3)
      nokogiri (~> 1.13)
      parallel (~> 1.10)
      rainbow (~> 3.0)
      typhoeus (~> 1.3)
      yell (~> 2.0)
      zeitwerk (~> 2.5)
    http_parser.rb (0.6.0)
    i18n (0.9.5)
      concurrent-ruby (~> 1.0)
    jekyll (3.8.3)
      addressable (~> 2.4)
      colorator (~> 1.0)
      em-websocket (~> 0.5)
      i18n (~> 0.7)
      jekyll-sass-converter (~> 1.0)
      jekyll-watch (~> 2.0)
      kramdown (~> 1.14)
      liquid (~> 4.0)
      mercenary (~> 0.3.3)
      pathutil (~> 0.9)
      rouge (>= 1.7, < 4)
      safe_yaml (~> 1.0)
    jekyll-asciidoc (2.1.0)
      asciidoctor (>= 1.5.0)
      jekyll (>= 2.3.0)
    jekyll-data (1.0.0)
      jekyll (~> 3.3)
    jekyll-sass-converter (1.5.2)
      sass (~> 3.4)
    jekyll-seo-tag (2.5.0)
      jekyll (~> 3.3)
    jekyll-theme-open-project (2.0.14)
      git (~> 1.4)
      jekyll (~> 3.8)
      jekyll-data (~> 1.0)
      jekyll-seo-tag (~> 2.0)
      jekyll-theme-open-project-helpers (= 2.0.14)
    jekyll-theme-open-project-helpers (2.0.14)
      fastimage (~> 2.1.4)
      git (~> 1.4)
      jekyll (~> 3.8)
    jekyll-watch (2.0.0)
      listen (~> 3.0)
    kramdown (1.17.0)
    liquid (4.0.0)
    listen (3.1.5)
      rb-fsevent (~> 0.9, >= 0.9.4)
      rb-inotify (~> 0.9, >= 0.9.7)
      ruby_dep (~> 1.2)
    mercenary (0.3.6)
    mini_portile2 (2.8.5)
    nokogiri (1.15.5)
      mini_portile2 (~> 2.8.2)
      racc (~> 1.4)
    parallel (1.12.1)
    pathutil (0.16.1)
      forwardable-extended (~> 2.6)
    public_suffix (3.0.3)
    racc (1.7.3)
    rainbow (3.1.1)
    rake (12.3.1)
    rb-fsevent (0.10.3)
    rb-inotify (0.9.10)
      ffi (>= 0.5.0, < 2)
    rouge (3.2.1)
    ruby_dep (1.5.0)
    safe_yaml (1.0.4)
    sass (3.5.7)
      sass-listen (~> 4.0.0)
    sass-listen (4.0.0)
      rb-fsevent (~> 0.9, >= 0.9.4)
      rb-inotify (~> 0.9, >= 0.9.7)
    typhoeus (1.3.0)
      ethon (>= 0.9.0)
    yell (2.0.7)
    zeitwerk (2.6.12)

PLATFORMS
  ruby

DEPENDENCIES
  ffi (~> 1.16.3)
  git
  html-proofer
  jekyll (~> 3.8.3)
  jekyll-asciidoc
  jekyll-data
  jekyll-seo-tag
  jekyll-theme-open-project (~> 2.0.14)
  jekyll-theme-open-project-helpers (~> 2.0.14)
  nokogiri (~> 1.15.5)
  rake
  tzinfo-data

BUNDLED WITH
   2.4.21
